GIT
  remote: git@github.com:rightscale/rightscale-eventmachine.git
  revision: 98cb33188fdab4c5cd5544ef298c547839fe783c
  specs:
    eventmachine (0.12.11)

PATH
  remote: .
  specs:
    right_popen (1.0.18)
      eventmachine (>= 0.12.11)

GEM
  remote: http://rubygems.org/
  specs:
    flexmock (0.8.11)
    rake (0.8.7)
    rspec (1.3.1)

PLATFORMS
  ruby

DEPENDENCIES
  eventmachine (>= 0.12.11)!
  flexmock
  rake (~> 0.8.7)
  right_popen!
  rspec (~> 1.3)
