GEM
  remote: http://s3.amazonaws.com/rightscale_rightlink_gems_dev/
  remote: https://rubygems.org/
  specs:
    eventmachine (1.0.0.3)
    eventmachine (1.0.0.3-x86-mingw32)
    flexmock (0.8.11)
    rake (0.8.7)
    rspec (1.3.2)

PLATFORMS
  ruby
  x86-mingw32

DEPENDENCIES
  eventmachine (~> 1.0.0.3)
  flexmock (~> 0.8.11)
  rake (= 0.8.7)
  rspec (~> 1.3.1)
