PATH
  remote: .
  specs:
    right_popen (1.0.18)
      eventmachine (>= 0.12.11)

GEM
  remote: http://rubygems.org/
  specs:
    eventmachine (0.12.11.5)
    flexmock (0.8.11)
    rake (0.8.7)
    rspec (1.3.1)

PLATFORMS
  ruby

DEPENDENCIES
  flexmock
  rake (~> 0.8.7)
  right_popen!
  rspec (~> 1.3)
