GEM
  remote: https://rubygems.org/
  specs:
    builder (3.2.2)
    byebug (8.2.2)
    coderay (1.1.1)
    diff-lcs (1.2.5)
    eventmachine (1.0.9.1)
    flexmock (0.9.0)
    method_source (0.8.2)
    pry (0.10.3)
      coderay (~> 1.1.0)
      method_source (~> 0.8.1)
      slop (~> 3.4)
    pry-byebug (3.3.0)
      byebug (~> 8.0)
      pry (~> 0.10)
    rack (1.6.4)
    rake (10.5.0)
    right_aws (3.1.0)
      right_http_connection (>= 1.2.5)
    right_develop (3.1.12)
      builder (~> 3.0)
      rack
      right_aws (>= 2.1.0)
      right_git (>= 1.0)
      right_support (>= 2.8.31, < 3.0.0)
      trollop (>= 1.0, < 3.0)
    right_git (1.1.2)
      right_support (>= 2.8.10)
    right_http_connection (1.5.0)
    right_support (2.9.3)
    rspec (2.99.0)
      rspec-core (~> 2.99.0)
      rspec-expectations (~> 2.99.0)
      rspec-mocks (~> 2.99.0)
    rspec-core (2.99.2)
    rspec-expectations (2.99.2)
      diff-lcs (>= 1.1.3, < 2.0)
    rspec-mocks (2.99.4)
    slop (3.6.0)
    trollop (2.1.2)

PLATFORMS
  ruby

DEPENDENCIES
  eventmachine (~> 1.0.8)
  flexmock (~> 0.9)
  pry
  pry-byebug
  rake
  right_develop
  rspec (~> 2.0)

BUNDLED WITH
   1.11.2
