GIT
  remote: git@github.com:rightscale/rightscale-eventmachine.git
  revision: 7bb4310efde3ea4c735c3a962cd8a38d366d64d2
  specs:
    eventmachine (1.0.0.2)

PATH
  remote: .
  specs:
    right_popen (1.1.1)

GEM
  remote: https://rubygems.org/
  specs:
    flexmock (0.8.11)
    rake (0.8.7)
    rspec (1.3.1)

PLATFORMS
  ruby

DEPENDENCIES
  eventmachine (>= 1.0.0.2)!
  flexmock
  rake (~> 0.8.7)
  right_popen!
  rspec (~> 1.3)
